GEM
  remote: https://rubygems.org/
  specs:
    nokogiri (1.5.9)
    nokogiri (1.5.9-x86-mingw32)
    nokogiri-plist (0.5.0)
      nokogiri

PLATFORMS
  ruby
  x86-mingw32

DEPENDENCIES
  nokogiri-plist
